GEM
  remote: https://rubygems.org/
  specs:
    awesome_print (1.1.0)
    chef (11.6.0)
      erubis
      highline (>= 1.6.9)
      json (>= 1.4.4, <= 1.7.7)
      mixlib-authentication (>= 1.3.0)
      mixlib-cli (~> 1.3.0)
      mixlib-config (>= 1.1.2)
      mixlib-log (>= 1.3.0)
      mixlib-shellout
      net-ssh (~> 2.6)
      net-ssh-multi (~> 1.1.0)
      ohai (>= 0.6.0)
      rest-client (>= 1.0.4, < 1.7.0)
      yajl-ruby (~> 1.1)
    erubis (2.7.0)
    foodcritic (4.0.0)
      erubis
      gherkin (~> 2.11)
      nokogiri (~> 1.5)
      rake
      rufus-lru (~> 1.0)
      treetop (~> 1.4)
      yajl-ruby (~> 1.1)
    gherkin (2.12.2)
      multi_json (~> 1.3)
    hashie (1.2.0)
    highline (1.6.21)
    ipaddress (0.8.0)
    json (1.7.7)
    librarian (0.1.2)
      highline
      thor (~> 0.15)
    librarian-chef (0.0.4)
      chef (>= 0.10)
      librarian (~> 0.1.0)
      minitar (>= 0.5.2)
    mime-types (1.25)
    mini_portile (0.6.0)
    minitar (0.5.4)
    mixlib-authentication (1.3.0)
      mixlib-log
    mixlib-cli (1.3.0)
    mixlib-config (1.1.2)
    mixlib-log (1.6.0)
    mixlib-shellout (1.2.0)
    multi_json (1.10.1)
    net-ssh (2.6.8)
    net-ssh-gateway (1.2.0)
      net-ssh (>= 2.6.5)
    net-ssh-multi (1.1)
      net-ssh (>= 2.1.4)
      net-ssh-gateway (>= 0.99.0)
    nokogiri (1.6.3.1)
      mini_portile (= 0.6.0)
    ohai (6.18.0)
      ipaddress
      mixlib-cli
      mixlib-config
      mixlib-log
      mixlib-shellout
      systemu
      yajl-ruby
    plist (3.1.0)
    polyglot (0.3.5)
    rake (10.3.2)
    rest-client (1.6.7)
      mime-types (>= 1.16)
    rufus-lru (1.0.5)
    soloist (1.0.1)
      awesome_print
      chef
      hashie (~> 1.2)
      librarian-chef
      net-ssh
      thor
    systemu (2.5.2)
    thor (0.18.1)
    treetop (1.5.3)
      polyglot (~> 0.3)
    yajl-ruby (1.2.1)

PLATFORMS
  ruby

DEPENDENCIES
  foodcritic
  plist
  soloist
